GEM
  remote: https://rubygems.org/
  specs:
    byebug (3.1.2)
      columnize (~> 0.8)
      debugger-linecache (~> 1.2)
    celluloid (0.15.2)
      timers (~> 1.1.0)
    coderay (1.1.0)
    columnize (0.8.9)
    debugger-linecache (1.2.0)
    fast-stemmer (1.0.2)
    ffi (1.9.3)
    formatador (0.2.5)
    guard (2.6.1)
      formatador (>= 0.2.4)
      listen (~> 2.7)
      lumberjack (~> 1.0)
      pry (>= 0.9.12)
      thor (>= 0.18.1)
    guard-minitest (2.3.0)
      guard (~> 2.0)
      minitest (>= 3.0)
    listen (2.7.8)
      celluloid (>= 0.15.2)
      rb-fsevent (>= 0.9.3)
      rb-inotify (>= 0.9)
    lumberjack (1.0.6)
    metaclass (0.0.4)
    method_source (0.8.2)
    mini_portile (0.6.0)
    minitest (5.3.5)
    mocha (1.1.0)
      metaclass (~> 0.0.1)
    msgpack (0.5.8)
    nokogiri (1.6.2.1)
      mini_portile (= 0.6.0)
    pry (0.10.0)
      coderay (~> 1.1.0)
      method_source (~> 0.8.1)
      slop (~> 3.4)
    rb-fsevent (0.9.4)
    rb-inotify (0.9.5)
      ffi (>= 0.5.0)
    sequel (4.11.0)
    slop (3.5.0)
    sqlite3 (1.3.9)
    stuff-classifier (0.5)
      fast-stemmer (>= 1.0)
      msgpack
      sequel
      sqlite3
    thor (0.19.1)
    timers (1.1.0)

PLATFORMS
  ruby

DEPENDENCIES
  byebug
  guard
  guard-minitest
  mocha
  nokogiri
  stuff-classifier
